GEM
  remote: https://rubygems.org/
  specs:
    ruby2d (0.12.1)

PLATFORMS
  ruby
  x86_64-darwin-23

DEPENDENCIES
  ruby2d

BUNDLED WITH
   2.5.23
